GEM
  remote: https://rubygems.org/
  specs:
    ast (2.4.2)
    bigdecimal (3.1.7)
    bigdecimal (3.1.7-java)
    dotenv (3.1.0)
    jdbc-h2 (2.0.204)
    json (2.7.2)
    json (2.7.2-java)
    language_server-protocol (3.17.0.3)
    parallel (1.24.0)
    parser (3.3.0.5)
      ast (~> 2.4.1)
      racc
    racc (1.7.3)
    racc (1.7.3-java)
    rainbow (3.1.1)
    regexp_parser (2.9.0)
    rexml (3.2.6)
    rubocop (1.62.1)
      json (~> 2.3)
      language_server-protocol (>= 3.17.0)
      parallel (~> 1.10)
      parser (>= 3.3.0.2)
      rainbow (>= 2.2.2, < 4.0)
      regexp_parser (>= 1.8, < 3.0)
      rexml (>= 3.2.5, < 4.0)
      rubocop-ast (>= 1.31.1, < 2.0)
      ruby-progressbar (~> 1.7)
      unicode-display_width (>= 2.4.0, < 3.0)
    rubocop-ast (1.31.2)
      parser (>= 3.3.0.4)
    ruby-progressbar (1.13.0)
    sequel (5.79.0)
      bigdecimal
    unicode-display_width (2.5.0)

PLATFORMS
  ruby
  universal-java-21
  x86_64-linux

DEPENDENCIES
  dotenv (~> 3.1)
  jdbc-h2 (~> 2.0, >= 2.0.204)
  rubocop (~> 1.62, >= 1.62.1)
  ruby-progressbar (~> 1.13)
  sequel (~> 5.79)

RUBY VERSION
   ruby 3.1.4p0 (jruby 9.4.6.0)

BUNDLED WITH
   2.5.3
